GEM
  remote: https://rubygems.org/
  specs:
    childprocess (0.5.5)
      ffi (~> 1.0, >= 1.0.11)
    diff-lcs (1.2.5)
    ffi (1.9.6)
    multi_json (1.10.1)
    rake (10.4.2)
    rspec (3.2.0)
      rspec-core (~> 3.2.0)
      rspec-expectations (~> 3.2.0)
      rspec-mocks (~> 3.2.0)
    rspec-core (3.2.1)
      rspec-support (~> 3.2.0)
    rspec-expectations (3.2.0)
      diff-lcs (>= 1.2.0, < 2.0)
      rspec-support (~> 3.2.0)
    rspec-mocks (3.2.1)
      diff-lcs (>= 1.2.0, < 2.0)
      rspec-support (~> 3.2.0)
    rspec-support (3.2.2)
    rubyzip (1.1.6)
    selenium-webdriver (2.43.0)
      childprocess (~> 0.5)
      multi_json (~> 1.0)
      rubyzip (~> 1.0)
      websocket (~> 1.0)
    websocket (1.2.1)

PLATFORMS
  ruby

DEPENDENCIES
  rake
  rspec
  selenium-webdriver
